GEM
  remote: https://rubygems.org/
  specs:
    html-pipeline (3.1.0)
      selma (~> 0.1)
      zeitwerk (~> 2.5)
    selma (0.2.2-aarch64-linux)
    selma (0.2.2-arm64-darwin)
    selma (0.2.2-x86_64-darwin)
    selma (0.2.2-x86_64-linux)
    zeitwerk (2.6.13)

PLATFORMS
  aarch64-linux
  arm64-darwin
  x86_64-darwin
  x86_64-linux

DEPENDENCIES
  html-pipeline

BUNDLED WITH
   2.5.6
